GEM
  remote: http://rubygems.org/
  specs:
    midilib (2.0.5)

PLATFORMS
  ruby

DEPENDENCIES
  midilib
